GEM
  remote: https://rubygems.org/
  specs:
    power_assert (1.1.4)
    rainbow (3.0.0)
    rake (12.3.2)
    rr (1.2.1)
    test-unit (3.3.3)
      power_assert
    test-unit-context (0.5.1)
      test-unit (>= 2.4.0)
    test-unit-full (0.0.5)
      test-unit
      test-unit-context
      test-unit-notify
      test-unit-rr
      test-unit-runner-tap
    test-unit-notify (1.0.4)
      test-unit (>= 2.4.9)
    test-unit-rr (1.0.5)
      rr (>= 1.1.1)
      test-unit (>= 2.5.2)
    test-unit-runner-tap (1.1.2)
      test-unit

PLATFORMS
  ruby

DEPENDENCIES
  rainbow!
  rake!
  test-unit-full!

BUNDLED WITH
   2.0.1
